GEM
  remote: http://rubygems.org/
  specs:
    json (2.6.1)
    mustermann (1.1.1)
      ruby2_keywords (~> 0.0.1)
    rack (2.2.3)
    rack-protection (2.1.0)
      rack
    redis (4.5.1)
    ruby2_keywords (0.0.5)
    sinatra (2.1.0)
      mustermann (~> 1.0)
      rack (~> 2.2)
      rack-protection (= 2.1.0)
      tilt (~> 2.0)
    tilt (2.0.10)
    webrick (1.7.0)

PLATFORMS
  x86_64-linux

DEPENDENCIES
  json
  redis
  sinatra
  webrick

BUNDLED WITH
   2.2.32
